GEM
  remote: https://rubygems.org/
  specs:
    mini_portile2 (2.4.0)
    mustache (1.1.0)
    nokogiri (1.10.5)
      mini_portile2 (~> 2.4.0)

PLATFORMS
  ruby

DEPENDENCIES
  mustache
  nokogiri
