GEM
  remote: https://rubygems.org/
  specs:
    mini_portile2 (2.4.0)
    mustache (0.99.5)
    nokogiri (1.10.4)
      mini_portile2 (~> 2.4.0)

PLATFORMS
  ruby

DEPENDENCIES
  mustache
  nokogiri
